GEM
  remote: https://rubygems.org/
  specs:
    addressable (2.4.0)
    css_parser (1.4.5)
      addressable
    htmlentities (4.3.4)
    mini_portile2 (2.1.0)
    nokogiri (1.6.8)
      mini_portile2 (~> 2.1.0)
      pkg-config (~> 1.1.7)
    pkg-config (1.1.7)
    premailer (1.8.7)
      css_parser (>= 1.4.5)
      htmlentities (>= 4.0.0)

PLATFORMS
  ruby

DEPENDENCIES
  css_parser
  nokogiri
  premailer

BUNDLED WITH
   1.12.5
